GEM
  remote: https://rubygems.org/
  specs:
    sorbet-runtime (0.5.6289)
    yard (0.9.26)
    yard-sorbet (0.2.0)
      sorbet-runtime (>= 0.5.5845)
      yard (>= 0.9.16)

PLATFORMS
  ruby

DEPENDENCIES
  yard
  yard-sorbet

BUNDLED WITH
   2.1.4
